NUGET
  remote: https://www.nuget.org/api/v2
    FAKE (4.37.2)
    NUnit (2.6.4)
    NUnit.Runners (2.6.4)
